PATH
  remote: .
  specs:
    jstree-rails (3.3.6)

GEM
  remote: https://rubygems.org/
  specs:
    rake (10.5.0)

PLATFORMS
  ruby

DEPENDENCIES
  bundler (~> 1.16)
  jstree-rails!
  rake (~> 10.0)

BUNDLED WITH
   1.16.5
